GEM
  remote: https://rubygems.org/
  specs:
    cabin (0.8.1)
    httparty (0.13.7)
      json (~> 1.8)
      multi_xml (>= 0.5.2)
    json (1.8.3)
    marathon-api (1.3.2)
      httparty (>= 0.11)
      json
      trollop (>= 2.0)
    multi_xml (0.5.5)
    trollop (2.1.2)

PLATFORMS
  ruby

DEPENDENCIES
  cabin
  httparty
  marathon-api
